GEM
  remote: https://rubygems.org/
  specs:
    activesupport (5.2.4.3)
      concurrent-ruby (~> 1.0, >= 1.0.2)
      i18n (>= 0.7, < 2)
      minitest (~> 5.1)
      tzinfo (~> 1.1)
    byebug (11.1.3)
    concurrent-ruby (1.1.6)
    ethon (0.12.0)
      ffi (>= 1.3.0)
    ffi (1.12.2)
    i18n (1.8.3)
      concurrent-ruby (~> 1.0)
    logstash-event (1.2.02)
    logstash-logger (0.26.1)
      logstash-event (~> 1.2)
    memory_profiler (0.9.14)
    minitest (5.14.1)
    thread_safe (0.3.6)
    typhoeus (1.4.0)
      ethon (>= 0.9.0)
    tzinfo (1.2.7)
      thread_safe (~> 0.1)

PLATFORMS
  ruby

DEPENDENCIES
  activesupport
  byebug
  logstash-logger
  memory_profiler
  minitest
  typhoeus

BUNDLED WITH
   1.17.3
