GEM
  remote: https://rubygems.org/
  specs:
    byebug (11.0.1)
    ethon (0.12.0)
      ffi (>= 1.3.0)
    ffi (1.11.1)
    logstash-event (1.2.02)
    logstash-logger (0.26.1)
      logstash-event (~> 1.2)
    memory_profiler (0.9.14)
    minitest (5.12.2)
    typhoeus (1.3.1)
      ethon (>= 0.9.0)

PLATFORMS
  ruby

DEPENDENCIES
  byebug
  logstash-logger
  memory_profiler
  minitest
  typhoeus

BUNDLED WITH
   1.17.3
